GEM
  remote: http://rubygems.org/
  specs:
    libv8 (3.3.10.4)
    nokogiri (1.5.0)
    taka (0.0.1)
      nokogiri (>= 1.2.3)
    therubyracer (0.9.9)
      libv8 (~> 3.3.10)

PLATFORMS
  ruby

DEPENDENCIES
  taka
  therubyracer
